GEM
  remote: https://rubygems.org/
  specs:
    connection_pool (2.4.0)
    logger (1.5.3)
    redis (5.0.6)
      redis-client (>= 0.9.0)
    redis-client (0.14.1)
      connection_pool

PLATFORMS
  arm64-darwin-20

DEPENDENCIES
  logger
  redis

BUNDLED WITH
   2.4.12
